PATH
  remote: .
  specs:
    enigma (0.1.0)
      sinatra (~> 1.4.8)

GEM
  remote: https://rubygems.org/
  specs:
    ast (2.4.2)
    docile (1.4.0)
    json (2.6.3)
    minitest (5.18.0)
    parallel (1.22.1)
    parser (3.2.1.1)
      ast (~> 2.4.1)
    rack (1.6.13)
    rack-protection (1.5.5)
      rack
    rainbow (3.1.1)
    rake (13.0.6)
    regexp_parser (2.7.0)
    rexml (3.2.5)
    rubocop (1.48.0)
      json (~> 2.3)
      parallel (~> 1.10)
      parser (>= 3.2.0.0)
      rainbow (>= 2.2.2, < 4.0)
      regexp_parser (>= 1.8, < 3.0)
      rexml (>= 3.2.5, < 4.0)
      rubocop-ast (>= 1.26.0, < 2.0)
      ruby-progressbar (~> 1.7)
      unicode-display_width (>= 2.4.0, < 3.0)
    rubocop-ast (1.27.0)
      parser (>= 3.2.1.0)
    ruby-progressbar (1.13.0)
    simplecov (0.22.0)
      docile (~> 1.1)
      simplecov-html (~> 0.11)
      simplecov_json_formatter (~> 0.1)
    simplecov-html (0.12.3)
    simplecov_json_formatter (0.1.4)
    sinatra (1.4.8)
      rack (~> 1.5)
      rack-protection (~> 1.4)
      tilt (>= 1.3, < 3)
    tilt (2.1.0)
    unicode-display_width (2.4.2)

PLATFORMS
  x86_64-linux

DEPENDENCIES
  enigma!
  minitest (~> 5.0)
  rake (~> 13.0)
  rubocop (~> 1.21)
  simplecov
  sinatra (~> 1.4.8)

BUNDLED WITH
   2.3.22
